STORAGE: NONE
RESTRICTION: == net6.0
NUGET
  remote: https://api.nuget.org/v3/index.json
    Avalonia (0.10.15)
      Avalonia.Remote.Protocol (>= 0.10.15)
      JetBrains.Annotations (>= 10.3)
      System.ComponentModel.Annotations (>= 4.5)
      System.Memory (>= 4.5.3)
      System.Reactive (>= 5.0)
      System.Runtime.CompilerServices.Unsafe (>= 4.6)
      System.ValueTuple (>= 4.5)
    Avalonia.Angle.Windows.Natives (2.1.0.2020091801)
    Avalonia.Controls.DataGrid (0.10.10)
      Avalonia (>= 0.10.10)
      Avalonia.Remote.Protocol (>= 0.10.10)
      JetBrains.Annotations (>= 10.3)
      System.Reactive (>= 5.0)
    Avalonia.Desktop (0.10.15)
      Avalonia (>= 0.10.15)
      Avalonia.Native (>= 0.10.15)
      Avalonia.Skia (>= 0.10.15)
      Avalonia.Win32 (>= 0.10.15)
      Avalonia.X11 (>= 0.10.15)
    Avalonia.Diagnostics (0.10.10)
      Avalonia (>= 0.10.10)
      Avalonia.Controls.DataGrid (>= 0.10.10)
      Microsoft.CodeAnalysis.CSharp.Scripting (>= 3.4)
      System.Reactive (>= 5.0)
    Avalonia.FreeDesktop (0.10.15)
      Avalonia (>= 0.10.15)
      Tmds.DBus (>= 0.9)
    Avalonia.Native (0.10.15)
      Avalonia (>= 0.10.15)
    Avalonia.Remote.Protocol (0.10.15)
    Avalonia.Skia (0.10.15)
      Avalonia (>= 0.10.15)
      HarfBuzzSharp (>= 2.8.2-preview.178)
      HarfBuzzSharp.NativeAssets.Linux (>= 2.8.2-preview.178)
      HarfBuzzSharp.NativeAssets.WebAssembly (>= 2.8.2-preview.178)
      SkiaSharp (>= 2.88.1-preview.1)
      SkiaSharp.NativeAssets.Linux (>= 2.88.1-preview.1)
      SkiaSharp.NativeAssets.WebAssembly (>= 2.88.1-preview.1)
    Avalonia.Win32 (0.10.15)
      Avalonia (>= 0.10.15)
      Avalonia.Angle.Windows.Natives (>= 2.1.0.2020091801)
      System.Drawing.Common (>= 4.5)
      System.Numerics.Vectors (>= 4.5)
    Avalonia.X11 (0.10.15)
      Avalonia (>= 0.10.15)
      Avalonia.FreeDesktop (>= 0.10.15)
      Avalonia.Skia (>= 0.10.15)
    Elmish (3.1)
      FSharp.Core (>= 4.6.2)
    Expecto (9.0.4)
      FSharp.Core (>= 4.6)
      Mono.Cecil (>= 0.11.3)
    Expecto.FsCheck (9.0.4)
      Expecto (>= 9.0.4)
      FsCheck (>= 2.14.3)
    FsCheck (2.16.5)
      FSharp.Core (>= 4.2.3)
    FSharp.Core (6.0.4) - content: none
    FSharp.Json (0.4.1)
      FSharp.Core (>= 4.6.2)
    FsHttp (9.1.2)
      FSharp.Core (>= 5.0)
    FsToolkit.ErrorHandling (2.13)
      FSharp.Core (>= 4.7.2)
    HarfBuzzSharp (2.8.2)
      HarfBuzzSharp.NativeAssets.macOS (>= 2.8.2)
      HarfBuzzSharp.NativeAssets.Win32 (>= 2.8.2)
      System.Memory (>= 4.5.3)
    HarfBuzzSharp.NativeAssets.Linux (2.8.2)
      HarfBuzzSharp (>= 2.8.2)
    HarfBuzzSharp.NativeAssets.macOS (2.8.2)
    HarfBuzzSharp.NativeAssets.WebAssembly (2.8.2.1-preview.1)
    HarfBuzzSharp.NativeAssets.Win32 (2.8.2)
    JaggerJo.Avalonia.FuncUI (0.5.3)
      Avalonia (>= 0.10.15)
      Avalonia.Desktop (>= 0.10.15)
      FSharp.Core (>= 6.0.4)
    JaggerJo.Avalonia.FuncUI.DSL (0.5.3)
      FSharp.Core (>= 6.0.4)
      JaggerJo.Avalonia.FuncUI (>= 0.5.3)
    JaggerJo.Avalonia.FuncUI.Elmish (0.5.3)
      Elmish (>= 3.1)
      FSharp.Core (>= 6.0.4)
      JaggerJo.Avalonia.FuncUI (>= 0.5.3)
    JetBrains.Annotations (2022.1)
    MessageBox.Avalonia (1.7.1)
      Avalonia (>= 0.10.8)
    Microsoft.CodeAnalysis.Analyzers (3.3.3)
    Microsoft.CodeAnalysis.Common (4.2)
      Microsoft.CodeAnalysis.Analyzers (>= 3.3.3)
      System.Collections.Immutable (>= 5.0)
      System.Memory (>= 4.5.4)
      System.Reflection.Metadata (>= 5.0)
      System.Runtime.CompilerServices.Unsafe (>= 6.0)
      System.Text.Encoding.CodePages (>= 6.0)
      System.Threading.Tasks.Extensions (>= 4.5.4)
    Microsoft.CodeAnalysis.CSharp (4.2)
      Microsoft.CodeAnalysis.Common (4.2)
    Microsoft.CodeAnalysis.CSharp.Scripting (4.2)
      Microsoft.CodeAnalysis.Common (4.2)
      Microsoft.CodeAnalysis.CSharp (4.2)
      Microsoft.CodeAnalysis.Scripting.Common (4.2)
      Microsoft.CSharp (>= 4.7)
    Microsoft.CodeAnalysis.Scripting.Common (4.2)
      Microsoft.CodeAnalysis.Common (4.2)
    Microsoft.CSharp (4.7)
    Microsoft.Win32.SystemEvents (6.0.1)
    Mono.Cecil (0.11.4)
    Mono.Posix.NETStandard (1.0)
    NicoVIII.FSharp.Json (0.6)
      FSharp.Core (>= 4.3.4)
    NicoVIII.GogApi (4.0)
      FsHttp (>= 9.1.2 < 10.0)
      NicoVIII.FSharp.Json (>= 0.6 < 0.7)
    NicoVIII.SimpleOptics (0.3.2)
      FSharp.Core (>= 6.0)
    SharpZipLib (1.3.3)
    SkiaSharp (2.88.1-preview.1)
      SkiaSharp.NativeAssets.macOS (>= 2.88.1-preview.1)
      SkiaSharp.NativeAssets.Win32 (>= 2.88.1-preview.1)
      System.Memory (>= 4.5.3)
    SkiaSharp.NativeAssets.Linux (2.88.1-preview.1)
      SkiaSharp (>= 2.88.1-preview.1)
    SkiaSharp.NativeAssets.macOS (2.88.1-preview.1)
    SkiaSharp.NativeAssets.WebAssembly (2.88.1-preview.1)
    SkiaSharp.NativeAssets.Win32 (2.88.1-preview.1)
    System.Collections.Immutable (6.0)
      System.Runtime.CompilerServices.Unsafe (>= 6.0)
    System.ComponentModel.Annotations (5.0)
    System.Drawing.Common (6.0)
      Microsoft.Win32.SystemEvents (>= 6.0)
    System.Memory (4.5.5)
    System.Numerics.Vectors (4.5)
    System.Reactive (5.0)
    System.Reflection.Emit (4.7)
    System.Reflection.Metadata (6.0.1)
      System.Collections.Immutable (>= 6.0)
    System.Runtime.CompilerServices.Unsafe (6.0)
    System.Security.Principal.Windows (5.0)
    System.Text.Encoding.CodePages (6.0)
      System.Runtime.CompilerServices.Unsafe (>= 6.0)
    System.Threading.Tasks.Extensions (4.5.4)
    System.ValueTuple (4.5)
    Tmds.DBus (0.10.1)
      System.Reflection.Emit (>= 4.7)
      System.Security.Principal.Windows (>= 4.7)
    TypedPersistence.Core (0.6.0-alpha.5)
      FSharp.Core (>= 5.0)
    TypedPersistence.Json (0.6.0-alpha.5)
      FSharp.Json (>= 0.4)
      TypedPersistence.Core (>= 0.6.0-alpha.5)
