STORAGE: NONE
RESTRICTION: || (== net50) (== netstandard2.0) (== netstandard2.1)
NUGET
  remote: https://api.nuget.org/v3/index.json
    Avalonia (0.9.12)
      Avalonia.Remote.Protocol (>= 0.9.12)
      JetBrains.Annotations (>= 10.3)
      Serilog (>= 2.5)
      Serilog.Sinks.Debug (>= 1.0)
      Serilog.Sinks.Trace (>= 2.1)
      System.ComponentModel.Annotations (>= 4.5)
      System.Memory (>= 4.5.3)
      System.Reactive (>= 4.1.6)
      System.Reflection.Emit (>= 4.3)
      System.Runtime.CompilerServices.Unsafe (>= 4.6)
      System.ValueTuple (>= 4.5)
    Avalonia.Desktop (0.9.12)
      Avalonia (>= 0.9.12)
      Avalonia.Direct2D1 (>= 0.9.12)
      Avalonia.Native (>= 0.9.12)
      Avalonia.Skia (>= 0.9.12)
      Avalonia.Win32 (>= 0.9.12)
      Avalonia.X11 (>= 0.9.12)
    Avalonia.Direct2D1 (0.9.12)
      Avalonia (>= 0.9.12)
      JetBrains.Annotations (>= 10.3)
      SharpDX (>= 4.0.1)
      SharpDX.Direct2D1 (>= 4.0.1)
      SharpDX.Direct3D11 (>= 4.0.1)
      SharpDX.DXGI (>= 4.0.1)
      System.Reactive (>= 4.1.6)
    Avalonia.FreeDesktop (0.9.12)
      Avalonia (>= 0.9.12)
      Tmds.DBus (>= 0.7)
    Avalonia.Native (0.9.12)
      Avalonia (>= 0.9.12)
      SharpGen.Runtime (>= 1.2.1)
      SharpGen.Runtime.COM (>= 1.2)
    Avalonia.ReactiveUI (0.9.12)
      Avalonia (>= 0.9.12)
      ReactiveUI (>= 10.3.6)
      System.Reactive (>= 4.1.6)
    Avalonia.Remote.Protocol (0.9.12)
    Avalonia.Skia (0.9.12)
      Avalonia (>= 0.9.12)
      Avalonia.Skia.Linux.Natives (>= 1.68.0.2)
      SkiaSharp (>= 1.68)
    Avalonia.Skia.Linux.Natives (1.68.0.2)
      Microsoft.NETCore.Platforms (>= 1.0.1)
      SkiaSharp (1.68)
    Avalonia.Win32 (0.9.12)
      Avalonia (>= 0.9.12)
      System.Drawing.Common (>= 4.5)
    Avalonia.X11 (0.9.12)
      Avalonia (>= 0.9.12)
      Avalonia.FreeDesktop (>= 0.9.12)
      Avalonia.Skia (>= 0.9.12)
    DynamicData (7.1.1)
      System.Reactive (>= 5.0)
    Elmish (3.1)
      FSharp.Core (>= 4.6.2)
    Fantomas (4.3.0-alpha-007)
      FSharp.Compiler.Service (>= 38.0)
      FSharp.Core (>= 5.0)
    FsAst (0.6)
      Fantomas (>= 4.0.0-alpha-012)
      Microsoft.SourceLink.GitHub (>= 1.0)
    FSharp.Compiler.Service (38.0)
      FSharp.Core (5.0)
    FSharp.Core (5.0)
    FSharp.Data (3.3.3)
      FSharp.Core (>= 4.3.4)
    FSharp.Json (0.4)
      FSharp.Core (>= 4.6.2)
    FSharpPlus (1.1.6)
      FSharp.Core (>= 4.6.2)
    FsToolkit.ErrorHandling (2.0)
      FSharp.Core (>= 4.6.2)
    GogApi.DotNet (2.0.1)
      FSharp.Json (>= 0.4 < 0.5)
      SchlenkR.FsHttp (>= 3.0 < 4.0)
    JaggerJo.Avalonia.FuncUI (0.4.1)
      Avalonia.Desktop (>= 0.9.9)
      FSharp.Core (>= 4.6.2)
    JaggerJo.Avalonia.FuncUI.DSL (0.4.3)
      Avalonia.Desktop (>= 0.9.9)
      FSharp.Core (>= 4.7.1)
      JaggerJo.Avalonia.FuncUI (>= 0.4.1)
    JaggerJo.Avalonia.FuncUI.Elmish (0.4)
      Avalonia.Desktop (>= 0.9.7)
      Elmish (>= 3.0.6)
      FSharp.Core (>= 4.6.2)
      JaggerJo.Avalonia.FuncUI (>= 0.4)
    JetBrains.Annotations (2020.3)
    MessageBox.Avalonia (0.9.6.1)
      Avalonia (>= 0.9.6)
      Avalonia.ReactiveUI (>= 0.9.6)
    Microsoft.Build.Tasks.Git (1.0)
    Microsoft.NETCore.Platforms (5.0)
    Microsoft.NETCore.Targets (5.0)
    Microsoft.SourceLink.Common (1.0)
    Microsoft.SourceLink.GitHub (1.0)
      Microsoft.Build.Tasks.Git (>= 1.0)
      Microsoft.SourceLink.Common (>= 1.0)
    Microsoft.Win32.SystemEvents (5.0) - restriction: || (== net50) (&& (== netstandard2.0) (>= netcoreapp2.0)) (&& (== netstandard2.0) (>= netcoreapp3.0)) (&& (== netstandard2.1) (>= netcoreapp2.0)) (&& (== netstandard2.1) (>= netcoreapp3.0))
      Microsoft.NETCore.Platforms (>= 5.0) - restriction: || (== net50) (&& (== netstandard2.0) (>= netcoreapp2.0)) (&& (== netstandard2.1) (>= netcoreapp2.0))
    Mono.Posix.NETStandard (1.0)
    Myriad.Core (0.4.1)
      FsAst (>= 0.6)
      FSharp.Compiler.Service (>= 36.0.3)
      FSharp.Core (>= 4.7.2)
    Myriad.Plugins (0.4.1)
      FsAst (>= 0.6)
      FSharp.Compiler.Service (>= 36.0.3)
      FSharp.Core (>= 4.7.2)
      Myriad.Core (>= 0.4.1)
    Myriad.Sdk (0.4.1)
    NETStandard.Library (2.0.3)
      Microsoft.NETCore.Platforms (>= 1.1)
    ReactiveUI (12.1.5)
      DynamicData (>= 6.17.14)
      Splat (>= 9.6.1)
      System.ComponentModel (>= 4.3) - restriction: || (&& (== net50) (< netcoreapp2.0)) (== netstandard2.0) (== netstandard2.1)
      System.Diagnostics.Contracts (>= 4.3) - restriction: || (&& (== net50) (< netcoreapp2.0)) (== netstandard2.0) (== netstandard2.1)
      System.Dynamic.Runtime (>= 4.3) - restriction: || (&& (== net50) (< netcoreapp2.0)) (== netstandard2.0) (== netstandard2.1)
      System.Reactive (>= 4.4.1)
      System.Runtime.Serialization.Primitives (>= 4.3)
    runtime.native.System (4.3.1)
      Microsoft.NETCore.Platforms (>= 1.1.1)
      Microsoft.NETCore.Targets (>= 1.1.3)
    SchlenkR.FsHttp (3.0)
      FSharp.Core (>= 4.7)
      FSharp.Data (>= 3.1.1)
    Serilog (2.10)
    Serilog.Sinks.Debug (1.0.1)
      Serilog (>= 2.5)
      System.Diagnostics.Debug (>= 4.3)
    Serilog.Sinks.Trace (2.1)
      Serilog (>= 2.0)
      System.Diagnostics.TraceSource (>= 4.0)
    SharpDX (4.2)
      NETStandard.Library (>= 1.6.1)
    SharpDX.Direct2D1 (4.2)
      NETStandard.Library (>= 1.6.1)
      SharpDX (>= 4.2)
      SharpDX.DXGI (>= 4.2)
    SharpDX.Direct3D11 (4.2)
      NETStandard.Library (>= 1.6.1)
      SharpDX (>= 4.2)
      SharpDX.DXGI (>= 4.2)
    SharpDX.DXGI (4.2)
      NETStandard.Library (>= 1.6.1)
      SharpDX (>= 4.2)
    SharpGen.Runtime (1.2.1)
      System.Memory (>= 4.5)
      System.Runtime.CompilerServices.Unsafe (>= 4.5)
    SharpGen.Runtime.COM (1.2)
      NETStandard.Library (>= 1.6.1)
      SharpGen.Runtime (>= 1.2)
      System.Memory (>= 4.5.2)
    SharpZipLib (1.3.1)
    SkiaSharp (1.68)
    Splat (9.8.1)
    System.Buffers (4.5.1) - restriction: || (&& (== net50) (>= monotouch)) (&& (== net50) (>= net461)) (&& (== net50) (< netcoreapp2.0)) (&& (== net50) (< netstandard1.1)) (&& (== net50) (< netstandard2.0)) (&& (== net50) (>= xamarinios)) (&& (== net50) (>= xamarinmac)) (&& (== net50) (>= xamarintvos)) (&& (== net50) (>= xamarinwatchos)) (== netstandard2.0) (== netstandard2.1)
    System.Collections (4.3)
      Microsoft.NETCore.Platforms (>= 1.1)
      Microsoft.NETCore.Targets (>= 1.1)
      System.Runtime (>= 4.3)
    System.ComponentModel (4.3) - restriction: || (&& (== net50) (< netcoreapp2.0)) (== netstandard2.0) (== netstandard2.1)
      System.Runtime (>= 4.3)
    System.ComponentModel.Annotations (5.0)
    System.Diagnostics.Contracts (4.3) - restriction: || (&& (== net50) (< netcoreapp2.0)) (== netstandard2.0) (== netstandard2.1)
      System.Runtime (>= 4.3)
    System.Diagnostics.Debug (4.3)
      Microsoft.NETCore.Platforms (>= 1.1)
      Microsoft.NETCore.Targets (>= 1.1)
      System.Runtime (>= 4.3)
    System.Diagnostics.TraceSource (4.3)
      Microsoft.NETCore.Platforms (>= 1.1)
      runtime.native.System (>= 4.3)
      System.Collections (>= 4.3)
      System.Diagnostics.Debug (>= 4.3)
      System.Globalization (>= 4.3)
      System.Resources.ResourceManager (>= 4.3)
      System.Runtime (>= 4.3)
      System.Runtime.Extensions (>= 4.3)
      System.Threading (>= 4.3)
    System.Drawing.Common (5.0)
      Microsoft.Win32.SystemEvents (>= 5.0) - restriction: || (== net50) (&& (== netstandard2.0) (>= netcoreapp2.0)) (&& (== netstandard2.0) (>= netcoreapp3.0)) (&& (== netstandard2.1) (>= netcoreapp2.0)) (&& (== netstandard2.1) (>= netcoreapp3.0))
    System.Dynamic.Runtime (4.3) - restriction: || (&& (== net50) (< netcoreapp2.0)) (== netstandard2.0) (== netstandard2.1)
      System.Collections (>= 4.3)
      System.Diagnostics.Debug (>= 4.3)
      System.Linq (>= 4.3)
      System.Linq.Expressions (>= 4.3)
      System.ObjectModel (>= 4.3)
      System.Reflection (>= 4.3)
      System.Reflection.Emit (>= 4.3)
      System.Reflection.Emit.ILGeneration (>= 4.3)
      System.Reflection.Primitives (>= 4.3)
      System.Reflection.TypeExtensions (>= 4.3)
      System.Resources.ResourceManager (>= 4.3)
      System.Runtime (>= 4.3)
      System.Runtime.Extensions (>= 4.3)
      System.Threading (>= 4.3)
    System.Globalization (4.3)
      Microsoft.NETCore.Platforms (>= 1.1)
      Microsoft.NETCore.Targets (>= 1.1)
      System.Runtime (>= 4.3)
    System.IO (4.3) - restriction: || (&& (== net50) (< netcoreapp2.0)) (&& (== net50) (< netstandard1.3)) (== netstandard2.0) (== netstandard2.1)
      Microsoft.NETCore.Platforms (>= 1.1)
      Microsoft.NETCore.Targets (>= 1.1)
      System.Runtime (>= 4.3)
      System.Text.Encoding (>= 4.3)
      System.Threading.Tasks (>= 4.3)
    System.Linq (4.3) - restriction: || (&& (== net50) (< netcoreapp2.0)) (== netstandard2.0) (== netstandard2.1)
      System.Collections (>= 4.3)
      System.Diagnostics.Debug (>= 4.3)
      System.Resources.ResourceManager (>= 4.3)
      System.Runtime (>= 4.3)
      System.Runtime.Extensions (>= 4.3)
    System.Linq.Expressions (4.3) - restriction: || (&& (== net50) (< netcoreapp2.0)) (&& (== net50) (< netstandard1.3)) (== netstandard2.0) (== netstandard2.1)
      System.Collections (>= 4.3)
      System.Diagnostics.Debug (>= 4.3)
      System.Globalization (>= 4.3)
      System.IO (>= 4.3)
      System.Linq (>= 4.3)
      System.ObjectModel (>= 4.3)
      System.Reflection (>= 4.3)
      System.Reflection.Emit (>= 4.3)
      System.Reflection.Emit.ILGeneration (>= 4.3)
      System.Reflection.Emit.Lightweight (>= 4.3)
      System.Reflection.Extensions (>= 4.3)
      System.Reflection.Primitives (>= 4.3)
      System.Reflection.TypeExtensions (>= 4.3)
      System.Resources.ResourceManager (>= 4.3)
      System.Runtime (>= 4.3)
      System.Runtime.Extensions (>= 4.3)
      System.Threading (>= 4.3)
    System.Memory (4.5.4)
      System.Buffers (>= 4.5.1) - restriction: || (&& (== net50) (>= monotouch)) (&& (== net50) (>= net461)) (&& (== net50) (< netcoreapp2.0)) (&& (== net50) (< netstandard1.1)) (&& (== net50) (< netstandard2.0)) (&& (== net50) (>= xamarinios)) (&& (== net50) (>= xamarinmac)) (&& (== net50) (>= xamarintvos)) (&& (== net50) (>= xamarinwatchos)) (== netstandard2.0) (== netstandard2.1)
      System.Numerics.Vectors (>= 4.4) - restriction: || (&& (== net50) (< netcoreapp2.0)) (== netstandard2.0) (== netstandard2.1)
      System.Runtime.CompilerServices.Unsafe (>= 4.5.3) - restriction: || (&& (== net50) (>= monotouch)) (&& (== net50) (>= net461)) (&& (== net50) (< netcoreapp2.0)) (&& (== net50) (< netcoreapp2.1)) (&& (== net50) (< netstandard1.1)) (&& (== net50) (< netstandard2.0)) (&& (== net50) (>= uap10.1)) (&& (== net50) (>= xamarinios)) (&& (== net50) (>= xamarinmac)) (&& (== net50) (>= xamarintvos)) (&& (== net50) (>= xamarinwatchos)) (== netstandard2.0) (== netstandard2.1)
    System.Numerics.Vectors (4.5) - restriction: || (&& (== net50) (< netcoreapp2.0)) (== netstandard2.0) (== netstandard2.1)
    System.ObjectModel (4.3) - restriction: || (&& (== net50) (< netcoreapp2.0)) (&& (== net50) (< netstandard1.3)) (== netstandard2.0) (== netstandard2.1)
      System.Collections (>= 4.3)
      System.Diagnostics.Debug (>= 4.3)
      System.Resources.ResourceManager (>= 4.3)
      System.Runtime (>= 4.3)
      System.Threading (>= 4.3)
    System.Reactive (5.0)
      System.Runtime.InteropServices.WindowsRuntime (>= 4.3) - restriction: || (&& (== net50) (< netcoreapp3.1)) (== netstandard2.0) (== netstandard2.1)
      System.Threading.Tasks.Extensions (>= 4.5.4) - restriction: || (&& (== net50) (>= net472)) (&& (== net50) (< netcoreapp3.1)) (&& (== net50) (>= uap10.1)) (== netstandard2.0) (== netstandard2.1)
    System.Reflection (4.3) - restriction: || (&& (== net50) (< netcoreapp2.0)) (&& (== net50) (< netstandard1.3)) (== netstandard2.0) (== netstandard2.1)
      Microsoft.NETCore.Platforms (>= 1.1)
      Microsoft.NETCore.Targets (>= 1.1)
      System.IO (>= 4.3)
      System.Reflection.Primitives (>= 4.3)
      System.Runtime (>= 4.3)
    System.Reflection.Emit (4.7)
      System.Reflection.Emit.ILGeneration (>= 4.7) - restriction: || (&& (== net50) (< netcoreapp2.0) (< netstandard2.1)) (&& (== net50) (< netstandard1.1)) (&& (== net50) (< netstandard2.0)) (&& (== net50) (>= uap10.1)) (== netstandard2.0) (&& (== netstandard2.1) (< netstandard1.1)) (&& (== netstandard2.1) (< netstandard2.0)) (&& (== netstandard2.1) (>= uap10.1))
    System.Reflection.Emit.ILGeneration (4.7) - restriction: || (&& (== net50) (< netcoreapp2.0)) (&& (== net50) (< netstandard1.1)) (&& (== net50) (< netstandard2.0)) (&& (== net50) (>= uap10.1)) (== netstandard2.0) (== netstandard2.1)
    System.Reflection.Emit.Lightweight (4.7) - restriction: || (&& (== net50) (< netcoreapp2.0)) (&& (== net50) (< netstandard1.3)) (== netstandard2.0) (== netstandard2.1)
      System.Reflection.Emit.ILGeneration (>= 4.7) - restriction: || (&& (== net50) (< netcoreapp2.0) (< netstandard2.1)) (&& (== net50) (< netstandard2.0)) (&& (== net50) (< portable-net45+wp8)) (&& (== net50) (>= uap10.1)) (== netstandard2.0) (&& (== netstandard2.1) (< netstandard2.0)) (&& (== netstandard2.1) (< portable-net45+wp8)) (&& (== netstandard2.1) (>= uap10.1))
    System.Reflection.Extensions (4.3) - restriction: || (&& (== net50) (< netcoreapp2.0)) (&& (== net50) (< netstandard1.3)) (== netstandard2.0) (== netstandard2.1)
      Microsoft.NETCore.Platforms (>= 1.1)
      Microsoft.NETCore.Targets (>= 1.1)
      System.Reflection (>= 4.3)
      System.Runtime (>= 4.3)
    System.Reflection.Primitives (4.3) - restriction: || (&& (== net50) (< netcoreapp2.0)) (== netstandard2.0) (== netstandard2.1)
      Microsoft.NETCore.Platforms (>= 1.1)
      Microsoft.NETCore.Targets (>= 1.1)
      System.Runtime (>= 4.3)
    System.Reflection.TypeExtensions (4.7) - restriction: || (&& (== net50) (< netcoreapp2.0)) (== netstandard2.0) (== netstandard2.1)
    System.Resources.ResourceManager (4.3)
      Microsoft.NETCore.Platforms (>= 1.1)
      Microsoft.NETCore.Targets (>= 1.1)
      System.Globalization (>= 4.3)
      System.Reflection (>= 4.3)
      System.Runtime (>= 4.3)
    System.Runtime (4.3.1)
      Microsoft.NETCore.Platforms (>= 1.1.1)
      Microsoft.NETCore.Targets (>= 1.1.3)
    System.Runtime.CompilerServices.Unsafe (5.0)
    System.Runtime.Extensions (4.3.1)
      Microsoft.NETCore.Platforms (>= 1.1.1)
      Microsoft.NETCore.Targets (>= 1.1.3)
      System.Runtime (>= 4.3.1)
    System.Runtime.InteropServices.WindowsRuntime (4.3) - restriction: || (&& (== net50) (< netcoreapp3.1)) (== netstandard2.0) (== netstandard2.1)
      System.Runtime (>= 4.3)
    System.Runtime.Serialization.Primitives (4.3)
      System.Resources.ResourceManager (>= 4.3)
      System.Runtime (>= 4.3)
    System.Security.Principal.Windows (5.0)
    System.Text.Encoding (4.3) - restriction: || (&& (== net50) (< netcoreapp2.0)) (&& (== net50) (< netstandard1.3)) (&& (== net50) (< netstandard1.5)) (== netstandard2.0) (== netstandard2.1)
      Microsoft.NETCore.Platforms (>= 1.1)
      Microsoft.NETCore.Targets (>= 1.1)
      System.Runtime (>= 4.3)
    System.Threading (4.3)
      System.Runtime (>= 4.3)
      System.Threading.Tasks (>= 4.3)
    System.Threading.Tasks (4.3) - restriction: || (&& (== net50) (< netcoreapp2.0)) (&& (== net50) (< netstandard1.3)) (== netstandard2.0) (== netstandard2.1)
      Microsoft.NETCore.Platforms (>= 1.1)
      Microsoft.NETCore.Targets (>= 1.1)
      System.Runtime (>= 4.3)
    System.Threading.Tasks.Extensions (4.5.4) - restriction: || (&& (== net50) (>= net472)) (&& (== net50) (< netcoreapp3.1)) (&& (== net50) (>= uap10.1)) (== netstandard2.0) (== netstandard2.1)
      System.Runtime.CompilerServices.Unsafe (>= 4.5.3) - restriction: || (&& (== net50) (>= net461)) (&& (== net50) (< netcoreapp2.1)) (&& (== net50) (< netstandard1.0)) (&& (== net50) (< netstandard2.0)) (&& (== net50) (>= wp8)) (== netstandard2.0) (== netstandard2.1)
    System.ValueTuple (4.5)
    Tmds.DBus (0.9.1)
      System.Reflection.Emit (>= 4.7)
      System.Security.Principal.Windows (>= 4.7)
    TypedPersistence (0.6.0-alpha.3)
      FSharp.Core (>= 4.7.2)
      FSharp.Json (>= 0.4)
      FSharpPlus (>= 1.1.3)
