STORAGE: NONE
RESTRICTION: == net8.0
NUGET
  remote: https://api.nuget.org/v3/index.json
    Avalonia (11.0.5)
      Avalonia.BuildServices (>= 0.0.29)
      Avalonia.Remote.Protocol (>= 11.0.5)
      MicroCom.Runtime (>= 0.11)
      System.ComponentModel.Annotations (>= 4.5)
    Avalonia.Angle.Windows.Natives (2.1.22087.20231008)
    Avalonia.BuildServices (0.0.29)
    Avalonia.Controls.ColorPicker (11.0.5)
      Avalonia (>= 11.0.5)
      Avalonia.Remote.Protocol (>= 11.0.5)
    Avalonia.Controls.DataGrid (11.0.5)
      Avalonia (>= 11.0.5)
      Avalonia.Remote.Protocol (>= 11.0.5)
    Avalonia.Desktop (11.0.5)
      Avalonia (>= 11.0.5)
      Avalonia.Native (>= 11.0.5)
      Avalonia.Skia (>= 11.0.5)
      Avalonia.Win32 (>= 11.0.5)
      Avalonia.X11 (>= 11.0.5)
    Avalonia.Diagnostics (11.0.5)
      Avalonia (>= 11.0.5)
      Avalonia.Controls.ColorPicker (>= 11.0.5)
      Avalonia.Controls.DataGrid (>= 11.0.5)
      Avalonia.Themes.Simple (>= 11.0.5)
      Microsoft.CodeAnalysis.Common (>= 3.8)
      Microsoft.CodeAnalysis.CSharp.Scripting (>= 3.8)
    Avalonia.FreeDesktop (11.0.5)
      Avalonia (>= 11.0.5)
      Tmds.DBus.Protocol (>= 0.15)
    Avalonia.FuncUI (1.1)
      Avalonia (>= 11.0)
      Avalonia.Controls.DataGrid (>= 11.0)
      FSharp.Core (>= 7.0.400)
    Avalonia.FuncUI.Elmish (1.1)
      Avalonia.FuncUI (>= 1.1)
      Elmish (>= 4.0)
      FSharp.Core (>= 7.0.400)
    Avalonia.Native (11.0.5)
      Avalonia (>= 11.0.5)
    Avalonia.Remote.Protocol (11.0.5)
    Avalonia.Skia (11.0.5)
      Avalonia (>= 11.0.5)
      HarfBuzzSharp (>= 2.8.2.3)
      HarfBuzzSharp.NativeAssets.Linux (>= 2.8.2.3)
      HarfBuzzSharp.NativeAssets.WebAssembly (>= 2.8.2.3)
      SkiaSharp (>= 2.88.6)
      SkiaSharp.NativeAssets.Linux (>= 2.88.6)
      SkiaSharp.NativeAssets.WebAssembly (>= 2.88.6)
    Avalonia.Themes.Fluent (11.0.5)
      Avalonia (>= 11.0.5)
    Avalonia.Themes.Simple (11.0.5)
      Avalonia (>= 11.0.5)
    Avalonia.Win32 (11.0.5)
      Avalonia (>= 11.0.5)
      Avalonia.Angle.Windows.Natives (>= 2.1.0.2023020321)
      System.Drawing.Common (>= 6.0)
      System.Numerics.Vectors (>= 4.5)
    Avalonia.X11 (11.0.5)
      Avalonia (>= 11.0.5)
      Avalonia.FreeDesktop (>= 11.0.5)
      Avalonia.Skia (>= 11.0.5)
    ColorTextBlock.Avalonia (11.0.2)
      Avalonia (>= 11.0)
    DialogHost.Avalonia (0.7.7)
      Avalonia (>= 11.0)
      System.Reactive (>= 6.0)
    Elmish (4.1)
    Expecto (10.1)
      FSharp.Core (>= 7.0.200)
      Mono.Cecil (>= 0.11.4 < 1.0)
    Expecto.FsCheck (10.1)
      Expecto (>= 10.1)
      FsCheck (>= 2.16.5 < 3.0)
    FsCheck (2.16.6)
      FSharp.Core (>= 4.2.3)
    FSharp.Core (8.0.100) - content: none
    FSharp.Json (0.4.1)
      FSharp.Core (>= 4.6.2)
    FsHttp (9.1.2)
      FSharp.Core (>= 5.0)
    FsToolkit.ErrorHandling (4.12)
      FSharp.Core (>= 7.0.300)
    HarfBuzzSharp (7.3)
      HarfBuzzSharp.NativeAssets.macOS (>= 7.3)
      HarfBuzzSharp.NativeAssets.Win32 (>= 7.3)
    HarfBuzzSharp.NativeAssets.Linux (7.3)
      HarfBuzzSharp (>= 7.3)
    HarfBuzzSharp.NativeAssets.macOS (7.3)
    HarfBuzzSharp.NativeAssets.WebAssembly (7.3)
    HarfBuzzSharp.NativeAssets.Win32 (7.3)
    Markdown.Avalonia.Tight (11.0.2)
      Avalonia (>= 11.0)
      ColorTextBlock.Avalonia (>= 11.0.2)
    MessageBox.Avalonia (3.1.5.1)
      Avalonia (>= 11.0.5)
      DialogHost.Avalonia (>= 0.7.7)
      Markdown.Avalonia.Tight (>= 11.0.2)
    MicroCom.Runtime (0.11)
    Microsoft.CodeAnalysis.Analyzers (3.3.4)
    Microsoft.CodeAnalysis.Common (4.8)
      Microsoft.CodeAnalysis.Analyzers (>= 3.3.4)
      System.Collections.Immutable (>= 7.0)
      System.Reflection.Metadata (>= 7.0)
      System.Runtime.CompilerServices.Unsafe (>= 6.0)
    Microsoft.CodeAnalysis.CSharp (4.8)
      Microsoft.CodeAnalysis.Common (4.8)
    Microsoft.CodeAnalysis.CSharp.Scripting (4.8)
      Microsoft.CodeAnalysis.Common (4.8)
      Microsoft.CodeAnalysis.CSharp (4.8)
      Microsoft.CodeAnalysis.Scripting.Common (4.8)
      Microsoft.CSharp (>= 4.7)
    Microsoft.CodeAnalysis.Scripting.Common (4.8)
      Microsoft.CodeAnalysis.Common (4.8)
    Microsoft.CSharp (4.7)
    Microsoft.Win32.SystemEvents (8.0)
    Mono.Cecil (0.11.5)
    Mono.Posix.NETStandard (1.0)
    NicoVIII.FSharp.Json (0.6)
      FSharp.Core (>= 4.3.4)
    NicoVIII.GogApi (4.0)
      FsHttp (>= 9.1.2 < 10.0)
      NicoVIII.FSharp.Json (>= 0.6 < 0.7)
    NicoVIII.SimpleOptics (0.3.2)
      FSharp.Core (>= 6.0)
    SharpZipLib (1.4.2)
    SkiaSharp (2.88.6)
      SkiaSharp.NativeAssets.macOS (>= 2.88.6)
      SkiaSharp.NativeAssets.Win32 (>= 2.88.6)
    SkiaSharp.NativeAssets.Linux (2.88.6)
      SkiaSharp (>= 2.88.6)
    SkiaSharp.NativeAssets.macOS (2.88.6)
    SkiaSharp.NativeAssets.WebAssembly (2.88.6)
    SkiaSharp.NativeAssets.Win32 (2.88.6)
    System.Collections.Immutable (8.0)
    System.ComponentModel.Annotations (5.0)
    System.Drawing.Common (8.0)
      Microsoft.Win32.SystemEvents (>= 8.0)
    System.IO.Pipelines (8.0)
    System.Numerics.Vectors (4.5)
    System.Reactive (6.0)
    System.Reflection.Metadata (8.0)
      System.Collections.Immutable (>= 8.0)
    System.Runtime.CompilerServices.Unsafe (6.0)
    Tmds.DBus.Protocol (0.15)
      System.IO.Pipelines (>= 6.0)
    TypedPersistence.Core (0.6.0-alpha.5)
      FSharp.Core (>= 5.0)
    TypedPersistence.Json (0.6.0-alpha.5)
      FSharp.Json (>= 0.4)
      TypedPersistence.Core (>= 0.6.0-alpha.5)
